PATH
  remote: .
  specs:
    sugarcube (0.20.25)

GEM
  remote: https://rubygems.org/
  specs:
    rake (10.0.4)
    rake-hooks (1.2.3)
      rake

PLATFORMS
  ruby

DEPENDENCIES
  rake
  rake-hooks
  sugarcube!
